PATH
  remote: .
  specs:
    curly-garbanzo (0.0.1)
      mdify (= 1.2.0)

GEM
  remote: http://rubygems.org/
  specs:
    addressable (2.7.0)
      public_suffix (>= 2.0.2, < 5.0)
    launchy (2.5.0)
      addressable (~> 2.7)
    mdify (1.2.0)
      launchy (~> 2.0)
      redcarpet (~> 1.9)
    public_suffix (4.0.6)
    redcarpet (1.17.2)

PLATFORMS
  ruby

DEPENDENCIES
  curly-garbanzo!

BUNDLED WITH
   1.17.2
